GIT
  remote: git://github.com/rspec/rspec-core.git
  revision: a944fbfe7cd2ff6557d962b85f98c2494919a640
  specs:
    rspec-core (3.0.0.beta2)
      rspec-support (= 3.0.0.beta2)

GIT
  remote: git://github.com/rspec/rspec-expectations.git
  revision: d2bb4f609f74aebccebca49a3478c07a720ec92f
  specs:
    rspec-expectations (3.0.0.beta2)
      diff-lcs (>= 1.2.0, < 2.0)
      rspec-support (= 3.0.0.beta2)

GIT
  remote: git://github.com/rspec/rspec-mocks.git
  revision: 98bab2457fd0d5ed799130c55dc5cf30815cbeff
  specs:
    rspec-mocks (3.0.0.beta2)
      rspec-support (= 3.0.0.beta2)

GIT
  remote: git://github.com/rspec/rspec-support.git
  revision: 454b0948685e1aace29e0e1828375ca121128da7
  specs:
    rspec-support (3.0.0.beta2)

GIT
  remote: git://github.com/rspec/rspec.git
  revision: c281bac1be86fd9e75a5a90b39107203305c9111
  specs:
    rspec (3.0.0.beta2)
      rspec-core (= 3.0.0.beta2)
      rspec-expectations (= 3.0.0.beta2)
      rspec-mocks (= 3.0.0.beta2)

GEM
  remote: http://rubygems.org/
  specs:
    activesupport (4.1.1)
      i18n (~> 0.6, >= 0.6.9)
      json (~> 1.7, >= 1.7.7)
      minitest (~> 5.1)
      thread_safe (~> 0.1)
      tzinfo (~> 1.1)
    diff-lcs (1.2.5)
    i18n (0.6.9)
    json (1.8.1)
    minitest (5.3.3)
    thread_safe (0.3.3)
    tzinfo (1.1.0)
      thread_safe (~> 0.1)

PLATFORMS
  ruby

DEPENDENCIES
  activesupport
  rspec!
  rspec-core!
  rspec-expectations!
  rspec-mocks!
  rspec-support!
